PATH
  remote: .
  specs:
    blockchair_client (0.3.0)
      activesupport (~> 5.2)
      httparty (~> 0.16)

GEM
  remote: https://rubygems.org/
  specs:
    activesupport (5.2.1.1)
      concurrent-ruby (~> 1.0, >= 1.0.2)
      i18n (>= 0.7, < 2)
      minitest (~> 5.1)
      tzinfo (~> 1.1)
    addressable (2.5.2)
      public_suffix (>= 2.0.2, < 4.0)
    coderay (1.1.2)
    concurrent-ruby (1.1.3)
    crack (0.4.3)
      safe_yaml (~> 1.0.0)
    diff-lcs (1.3)
    hashdiff (0.3.7)
    httparty (0.16.3)
      mime-types (~> 3.0)
      multi_xml (>= 0.5.2)
    i18n (1.1.1)
      concurrent-ruby (~> 1.0)
    method_source (0.9.2)
    mime-types (3.2.2)
      mime-types-data (~> 3.2015)
    mime-types-data (3.2018.0812)
    minitest (5.11.3)
    multi_xml (0.6.0)
    pry (0.12.2)
      coderay (~> 1.1.0)
      method_source (~> 0.9.0)
    public_suffix (3.0.3)
    rake (10.5.0)
    rspec (3.8.0)
      rspec-core (~> 3.8.0)
      rspec-expectations (~> 3.8.0)
      rspec-mocks (~> 3.8.0)
    rspec-core (3.8.0)
      rspec-support (~> 3.8.0)
    rspec-expectations (3.8.2)
      diff-lcs (>= 1.2.0, < 2.0)
      rspec-support (~> 3.8.0)
    rspec-mocks (3.8.0)
      diff-lcs (>= 1.2.0, < 2.0)
      rspec-support (~> 3.8.0)
    rspec-support (3.8.0)
    safe_yaml (1.0.4)
    thread_safe (0.3.6)
    tzinfo (1.2.5)
      thread_safe (~> 0.1)
    webmock (3.4.2)
      addressable (>= 2.3.6)
      crack (>= 0.3.2)
      hashdiff

PLATFORMS
  ruby

DEPENDENCIES
  blockchair_client!
  bundler (~> 1.11)
  pry (~> 0.12)
  rake (~> 10.0)
  rspec (~> 3.0)
  webmock (~> 3.4)

BUNDLED WITH
   1.17.1
